GEM
  remote: http://rubygems.org/
  specs:
    backports (2.3.0)
    eventmachine (0.12.10)
    json (1.6.5)
    mime-types (1.17.2)
    nokogiri (1.5.0)
    rack (1.4.0)
    rack-protection (1.2.0)
      rack
    rack-test (0.6.1)
      rack (>= 1.0)
    sinatra (1.3.2)
      rack (~> 1.3, >= 1.3.6)
      rack-protection (~> 1.2)
      tilt (~> 1.3, >= 1.3.3)
    sinatra-contrib (1.3.1)
      backports (>= 2.0)
      eventmachine
      rack-protection
      rack-test
      sinatra (~> 1.3.0)
      tilt (~> 1.3)
    sqlite3-ruby (1.2.5)
    tilt (1.3.3)
    typhoeus (0.3.3)
      mime-types

PLATFORMS
  ruby

DEPENDENCIES
  json
  nokogiri
  sinatra
  sinatra-contrib
  sqlite3-ruby (= 1.2.5)
  typhoeus
